GEM
  remote: https://rubygems.org/
  specs:
    actionmailer (3.2.8)
      actionpack (= 3.2.8)
      mail (~> 2.4.4)
    actionpack (3.2.8)
      activemodel (= 3.2.8)
      activesupport (= 3.2.8)
      builder (~> 3.0.0)
      erubis (~> 2.7.0)
      journey (~> 1.0.4)
      rack (~> 1.4.0)
      rack-cache (~> 1.2)
      rack-test (~> 0.6.1)
      sprockets (~> 2.1.3)
    activemodel (3.2.8)
      activesupport (= 3.2.8)
      builder (~> 3.0.0)
    activerecord (3.2.8)
      activemodel (= 3.2.8)
      activesupport (= 3.2.8)
      arel (~> 3.0.2)
      tzinfo (~> 0.3.29)
    activeresource (3.2.8)
      activemodel (= 3.2.8)
      activesupport (= 3.2.8)
    activesupport (3.2.8)
      i18n (~> 0.6)
      multi_json (~> 1.0)
    addressable (2.3.2)
    annotate (2.4.1.beta1)
    arel (3.0.2)
    bcrypt-ruby (3.0.1)
    bootstrap-sass (2.0.2)
    bootstrap-will_paginate (0.0.5)
      will_paginate
    builder (3.0.4)
    capybara (1.1.2)
      mime-types (>= 1.16)
      nokogiri (>= 1.3.3)
      rack (>= 1.0.0)
      rack-test (>= 0.5.4)
      selenium-webdriver (~> 2.0)
      xpath (~> 0.1.4)
    carrierwave (0.7.0)
      activemodel (>= 3.2.0)
      activesupport (>= 3.2.0)
    childprocess (0.3.1)
      ffi (~> 1.0.6)
    coffee-rails (3.2.2)
      coffee-script (>= 2.2.0)
      railties (~> 3.2.0)
    coffee-script (2.2.0)
      coffee-script-source
      execjs
    coffee-script-source (1.2.0)
    daemons (1.1.9)
    diff-lcs (1.1.3)
    erubis (2.7.0)
    eventmachine (0.12.10)
    excon (0.15.5)
    execjs (1.3.0)
      multi_json (~> 1.0)
    factory_girl (2.3.2)
      activesupport
    factory_girl_rails (1.4.0)
      factory_girl (~> 2.3.0)
      railties (>= 3.0.0)
    faker (1.0.1)
      i18n (~> 0.4)
    ffi (1.0.11)
    fog (1.6.0)
      builder
      excon (~> 0.14)
      formatador (~> 0.2.0)
      mime-types
      multi_json (~> 1.0)
      net-scp (~> 1.0.4)
      net-ssh (>= 2.1.3)
      nokogiri (~> 1.5.0)
      ruby-hmac
    formatador (0.2.4)
    geocoder (1.1.2)
    growl (1.0.3)
    guard (1.0.1)
      ffi (>= 0.5.0)
      thor (~> 0.14.6)
    guard-rspec (0.5.5)
      guard (>= 0.8.4)
    guard-spork (0.3.2)
      guard (>= 0.8.4)
      spork (>= 0.8.4)
    heroku (2.30.2)
      heroku-api (~> 0.3.2)
      launchy (>= 0.3.2)
      netrc (~> 0.7.5)
      rest-client (~> 1.6.1)
      rubyzip
    heroku-api (0.3.2)
      excon (~> 0.15.5)
    hike (1.2.1)
    i18n (0.6.1)
    journey (1.0.4)
    jquery-rails (2.0.2)
      railties (>= 3.2.0, < 5.0)
      thor (~> 0.14)
    jquery-ui-rails (0.4.0)
      jquery-rails
      railties (>= 3.1.0)
    json (1.7.4)
    launchy (2.1.2)
      addressable (~> 2.3)
    mail (2.4.4)
      i18n (>= 0.4.0)
      mime-types (~> 1.16)
      treetop (~> 1.4.8)
    mime-types (1.19)
    mini_magick (3.4)
      subexec (~> 0.2.1)
    multi_json (1.3.6)
    net-scp (1.0.4)
      net-ssh (>= 1.99.1)
    net-ssh (2.6.1)
    netrc (0.7.5)
    nokogiri (1.5.5)
    pg (0.12.2)
    polyamorous (0.5.0)
      activerecord (~> 3.0)
    polyglot (0.3.3)
    profanity_filter (0.1.1)
    rack (1.4.1)
    rack-cache (1.2)
      rack (>= 0.4)
    rack-ssl (1.3.2)
      rack
    rack-test (0.6.1)
      rack (>= 1.0)
    rails (3.2.8)
      actionmailer (= 3.2.8)
      actionpack (= 3.2.8)
      activerecord (= 3.2.8)
      activeresource (= 3.2.8)
      activesupport (= 3.2.8)
      bundler (~> 1.0)
      railties (= 3.2.8)
    rails3-jquery-autocomplete (1.0.7)
      rails (~> 3.0)
    railties (3.2.8)
      actionpack (= 3.2.8)
      activesupport (= 3.2.8)
      rack-ssl (~> 1.3.2)
      rake (>= 0.8.7)
      rdoc (~> 3.4)
      thor (>= 0.14.6, < 2.0)
    rake (0.9.2.2)
    rb-fsevent (0.4.3.1)
    rdoc (3.12)
      json (~> 1.4)
    rest-client (1.6.7)
      mime-types (>= 1.16)
    rspec (2.9.0)
      rspec-core (~> 2.9.0)
      rspec-expectations (~> 2.9.0)
      rspec-mocks (~> 2.9.0)
    rspec-core (2.9.0)
    rspec-expectations (2.9.1)
      diff-lcs (~> 1.1.3)
    rspec-mocks (2.9.0)
    rspec-rails (2.9.0)
      actionpack (>= 3.0)
      activesupport (>= 3.0)
      railties (>= 3.0)
      rspec (~> 2.9.0)
    ruby-hmac (0.4.0)
    rubyzip (0.9.6.1)
    sass (3.1.15)
    sass-rails (3.2.5)
      railties (~> 3.2.0)
      sass (>= 3.1.10)
      tilt (~> 1.3)
    selenium-webdriver (2.20.0)
      childprocess (>= 0.2.5)
      ffi (~> 1.0)
      multi_json (~> 1.0)
      rubyzip
    simple_form (2.0.2)
      actionpack (~> 3.0)
      activemodel (~> 3.0)
    simple_form_fancy_uploads (0.0.2)
      carrierwave
      rails (~> 3.2.1)
      simple_form (~> 2.0.1)
    spork (0.9.0)
    sprockets (2.1.3)
      hike (~> 1.2)
      rack (~> 1.0)
      tilt (~> 1.1, != 1.3.0)
    squeel (1.0.11)
      activerecord (~> 3.0)
      activesupport (~> 3.0)
      polyamorous (~> 0.5.0)
    subexec (0.2.2)
    thin (1.4.1)
      daemons (>= 1.0.9)
      eventmachine (>= 0.12.6)
      rack (>= 1.0.0)
    thor (0.14.6)
    tilt (1.3.3)
    treetop (1.4.10)
      polyglot
      polyglot (>= 0.3.1)
    tzinfo (0.3.33)
    uglifier (1.2.4)
      execjs (>= 0.3.0)
      multi_json (>= 1.0.2)
    will_paginate (3.0.3)
    xpath (0.1.4)
      nokogiri (~> 1.3)

PLATFORMS
  ruby

DEPENDENCIES
  annotate (~> 2.4.1.beta)
  bcrypt-ruby (= 3.0.1)
  bootstrap-sass (= 2.0.2)
  bootstrap-will_paginate (= 0.0.5)
  capybara (= 1.1.2)
  carrierwave
  coffee-rails (~> 3.2.2)
  factory_girl_rails (= 1.4.0)
  faker (= 1.0.1)
  fog
  geocoder
  growl (= 1.0.3)
  guard-rspec (= 0.5.5)
  guard-spork (= 0.3.2)
  heroku
  jquery-rails (= 2.0.2)
  jquery-ui-rails (= 0.4.0)
  mini_magick
  pg
  profanity_filter
  rails (= 3.2.8)
  rails3-jquery-autocomplete
  rb-fsevent (= 0.4.3.1)
  rspec-rails (= 2.9.0)
  sass-rails (~> 3.2.4)
  simple_form (= 2.0.2)
  simple_form_fancy_uploads
  spork (= 0.9.0)
  squeel
  thin
  uglifier (>= 1.2.3)
  will_paginate (= 3.0.3)
